GEM
  remote: https://rubygems.org/
  specs:
    addressable (2.6.0)
      public_suffix (>= 2.0.2, < 4.0)
    colorator (1.1.0)
    concurrent-ruby (1.1.5)
    em-websocket (0.5.1)
      eventmachine (>= 0.12.9)
      http_parser.rb (~> 0.6.0)
    eventmachine (1.2.7-x64-mingw32)
    exifr (1.3.6)
    ffi (1.11.1-x64-mingw32)
    forwardable-extended (2.6.0)
    fspath (3.1.1)
    http_parser.rb (0.6.0)
    i18n (0.9.5)
      concurrent-ruby (~> 1.0)
    image_optim (0.26.4)
      exifr (~> 1.2, >= 1.2.2)
      fspath (~> 3.0)
      image_size (>= 1.5, < 3)
      in_threads (~> 1.3)
      progress (~> 3.0, >= 3.0.1)
    image_optim_pack (0.5.3)
      fspath (>= 2.1, < 4)
      image_optim (~> 0.19)
    image_size (2.0.1)
    in_threads (1.5.2)
    jekyll (3.8.5)
      addressable (~> 2.4)
      colorator (~> 1.0)
      em-websocket (~> 0.5)
      i18n (~> 0.7)
      jekyll-sass-converter (~> 1.0)
      jekyll-watch (~> 2.0)
      kramdown (~> 1.14)
      liquid (~> 4.0)
      mercenary (~> 0.3.3)
      pathutil (~> 0.9)
      rouge (>= 1.7, < 4)
      safe_yaml (~> 1.0)
    jekyll-feed (0.12.1)
      jekyll (>= 3.7, < 5.0)
    jekyll-image-optim (1.0.6)
      image_optim (~> 0.26)
      image_optim_pack (~> 0.5)
    jekyll-paginate-v2 (2.0.0)
      jekyll (~> 3.0)
    jekyll-sass-converter (1.5.2)
      sass (~> 3.4)
    jekyll-seo-tag (2.6.1)
      jekyll (>= 3.3, < 5.0)
    jekyll-sitemap (1.3.1)
      jekyll (>= 3.7, < 5.0)
    jekyll-watch (2.2.1)
      listen (~> 3.0)
    jekyll-zopfli (2.1.0)
      jekyll (~> 3.0)
      zopfli (~> 0.0.7)
    kiko-minus (1.0.3)
      jekyll (~> 3.8)
      jekyll-feed (~> 0.12)
      jekyll-image-optim (~> 1.0)
      jekyll-paginate-v2 (~> 2.0)
      jekyll-seo-tag (~> 2.6)
      jekyll-sitemap (~> 1.3)
      jekyll-zopfli (~> 2.1)
    kramdown (1.17.0)
    liquid (4.0.3)
    listen (3.1.5)
      rb-fsevent (~> 0.9, >= 0.9.4)
      rb-inotify (~> 0.9, >= 0.9.7)
      ruby_dep (~> 1.2)
    mercenary (0.3.6)
    pathutil (0.16.2)
      forwardable-extended (~> 2.6)
    progress (3.5.1)
    public_suffix (3.1.1)
    rb-fsevent (0.10.3)
    rb-inotify (0.10.0)
      ffi (~> 1.0)
    rouge (3.5.1)
    ruby_dep (1.5.0)
    safe_yaml (1.0.5)
    sass (3.7.4)
      sass-listen (~> 4.0.0)
    sass-listen (4.0.0)
      rb-fsevent (~> 0.9, >= 0.9.4)
      rb-inotify (~> 0.9, >= 0.9.7)
    tzinfo (2.0.0)
      concurrent-ruby (~> 1.0)
    tzinfo-data (1.2019.1)
      tzinfo (>= 1.0.0)
    wdm (0.1.1)
    zopfli (0.0.7)

PLATFORMS
  x64-mingw32

DEPENDENCIES
  jekyll (~> 3.8.5)
  jekyll-feed (~> 0.6)
  kiko-minus
  tzinfo-data
  wdm (~> 0.1.0)

BUNDLED WITH
   1.16.6
